GEM
  remote: https://rubygems.org/
  specs:
    bigdecimal (3.1.2)
    tiny_tds (2.1.5)

PLATFORMS
  x86_64-linux

DEPENDENCIES
  bigdecimal
  tiny_tds

BUNDLED WITH
   2.3.18
